GEM
  remote: http://rubygems.org/
  specs:
    capistrano-node-deploy (1.2.2)
      multi_json (~> 1.3.6)
      railsless-deploy (~> 1.0.2)
    multi_json (1.3.7)
    railsless-deploy (1.0.2)

PLATFORMS
  ruby

DEPENDENCIES
  capistrano-node-deploy (~> 1.2.2)
